GEM
  remote: https://rubygems.org/
  specs:
    chunky_png (1.4.0)
    pdf-core (0.9.0)
    prawn (2.4.0)
      pdf-core (~> 0.9.0)
      ttfunk (~> 1.7)
    prawn-table (0.2.2)
      prawn (>= 1.3.0, < 3.0.0)
    rqrcode (2.2.0)
      chunky_png (~> 1.0)
      rqrcode_core (~> 1.0)
    rqrcode_core (1.2.0)
    stringio (3.0.6)
    ttfunk (1.7.0)

PLATFORMS
  x86_64-linux

DEPENDENCIES
  prawn
  prawn-table
  rqrcode
  stringio

BUNDLED WITH
   2.3.7
